PATH
  remote: .
  specs:
    testsort (0.1.0)
      activesupport
      json
      makandra-rubocop
      memoized
      numo-gnuplot
      numo-narray
      open3
      parallel_tests
      rugged
      thor

GEM
  remote: https://rubygems.org/
  specs:
    activesupport (7.0.4.1)
      concurrent-ruby (~> 1.0, >= 1.0.2)
      i18n (>= 1.6, < 2)
      minitest (>= 5.1)
      tzinfo (~> 2.0)
    ast (2.4.2)
    byebug (11.1.3)
    concurrent-ruby (1.2.0)
    diff-lcs (1.5.0)
    i18n (1.12.0)
      concurrent-ruby (~> 1.0)
    json (2.6.3)
    makandra-rubocop (10.0.0)
      rubocop (~> 1.36.0)
      rubocop-rails (~> 2.17.2)
      rubocop-rspec (~> 2.13.2)
    memoized (1.1.1)
    minitest (5.17.0)
    numo-gnuplot (0.2.4)
    numo-narray (0.9.2.1)
    open3 (0.1.2)
    parallel (1.22.1)
    parallel_tests (4.0.0)
      parallel
    parser (3.2.1.1)
      ast (~> 2.4.1)
    rack (3.0.4.2)
    rainbow (3.1.1)
    rake (13.0.6)
    regexp_parser (2.7.0)
    rexml (3.2.5)
    rspec (3.12.0)
      rspec-core (~> 3.12.0)
      rspec-expectations (~> 3.12.0)
      rspec-mocks (~> 3.12.0)
    rspec-core (3.12.0)
      rspec-support (~> 3.12.0)
    rspec-expectations (3.12.2)
      diff-lcs (>= 1.2.0, < 2.0)
      rspec-support (~> 3.12.0)
    rspec-mocks (3.12.3)
      diff-lcs (>= 1.2.0, < 2.0)
      rspec-support (~> 3.12.0)
    rspec-support (3.12.0)
    rubocop (1.36.0)
      json (~> 2.3)
      parallel (~> 1.10)
      parser (>= 3.1.2.1)
      rainbow (>= 2.2.2, < 4.0)
      regexp_parser (>= 1.8, < 3.0)
      rexml (>= 3.2.5, < 4.0)
      rubocop-ast (>= 1.20.1, < 2.0)
      ruby-progressbar (~> 1.7)
      unicode-display_width (>= 1.4.0, < 3.0)
    rubocop-ast (1.27.0)
      parser (>= 3.2.1.0)
    rubocop-rails (2.17.4)
      activesupport (>= 4.2.0)
      rack (>= 1.1)
      rubocop (>= 1.33.0, < 2.0)
    rubocop-rspec (2.13.2)
      rubocop (~> 1.33)
    ruby-progressbar (1.13.0)
    rugged (1.5.1)
    thor (1.2.1)
    tzinfo (2.0.5)
      concurrent-ruby (~> 1.0)
    unicode-display_width (2.4.2)

PLATFORMS
  ruby
  x86_64-linux

DEPENDENCIES
  byebug
  rake (~> 13.0)
  rspec (~> 3.0)
  testsort!

BUNDLED WITH
   2.4.7
